GEM
  remote: http://rubygems.org/
  specs:
    hoe (2.12.3)
      rake (~> 0.8)
    json (1.6.1)
    mini_portile (0.2.2)
    rake (0.9.2.2)
    rake-compiler (0.7.9)
      rake
    rdoc (3.11)
      json (~> 1.4)

PLATFORMS
  ruby

DEPENDENCIES
  hoe
  mini_portile
  rake
  rake-compiler
  rdoc
